GEM
  specs:
    activemodel (3.0.3)
      activesupport (= 3.0.3)
      builder (~> 2.1.2)
      i18n (~> 0.4)
    activesupport (3.0.3)
    archive-tar-minitar (0.5.2)
    bson (1.1.2)
    builder (2.1.2)
    columnize (0.3.2)
    i18n (0.4.2)
    linecache19 (0.5.11)
      ruby_core_source (>= 0.1.4)
    macaddr (1.0.0)
    mongo (1.1.2)
      bson (>= 1.1.1)
    mongoid (2.0.0.beta.20)
      activemodel (~> 3.0)
      mongo (~> 1.1)
      tzinfo (~> 0.3.22)
      will_paginate (~> 3.0.pre)
    rack (1.2.1)
    rack-test (0.5.6)
      rack (>= 1.0)
    ruby-debug-base19 (0.11.24)
      columnize (>= 0.3.1)
      linecache19 (>= 0.5.11)
      ruby_core_source (>= 0.1.4)
    ruby-debug19 (0.11.6)
      columnize (>= 0.3.1)
      linecache19 (>= 0.5.11)
      ruby-debug-base19 (>= 0.11.19)
    ruby_core_source (0.1.4)
      archive-tar-minitar (>= 0.5.2)
    sinatra (1.1.0)
      rack (~> 1.1)
      tilt (~> 1.1)
    tilt (1.1)
    tzinfo (0.3.23)
    uuid (2.3.1)
      macaddr (~> 1.0)
    will_paginate (3.0.pre2)

PLATFORMS
  ruby

DEPENDENCIES
  mongoid
  rack-test
  ruby-debug19
  sinatra (>= 1.1.0)
  uuid
